PATH
  remote: .
  specs:
    futurocube (0.1.0)
      bindata
      progressbar
      wavefile

GEM
  remote: https://rubygems.org/
  specs:
    bindata (1.6.0)
    progressbar (0.21.0)
    rake (0.9.6)
    wavefile (0.5.0)

PLATFORMS
  ruby

DEPENDENCIES
  bundler (~> 1.3)
  futurocube!
  rake
