PATH
  remote: .
  specs:
    futurocube (0.1.0)
      bindata
      progressbar
      wavefile

GEM
  remote: https://rubygems.org/
  specs:
    bindata (1.6.0)
    diff-lcs (1.2.4)
    multi_json (1.8.1)
    progressbar (0.21.0)
    rake (0.9.6)
    rspec (2.14.1)
      rspec-core (~> 2.14.0)
      rspec-expectations (~> 2.14.0)
      rspec-mocks (~> 2.14.0)
    rspec-core (2.14.5)
    rspec-expectations (2.14.3)
      diff-lcs (>= 1.1.3, < 2.0)
    rspec-mocks (2.14.3)
    simplecov (0.7.1)
      multi_json (~> 1.0)
      simplecov-html (~> 0.7.1)
    simplecov-html (0.7.1)
    wavefile (0.5.0)

PLATFORMS
  ruby

DEPENDENCIES
  bundler (~> 1.3)
  futurocube!
  rake
  rspec
  simplecov
