GEM
  remote: https://rubygems.org/
  specs:
    bindata (1.6.0)
    progressbar (0.21.0)
    wavefile (0.5.0)

PLATFORMS
  ruby

DEPENDENCIES
  bindata
  progressbar
  wavefile
